GEM
  remote: https://rubygems.org/
  specs:
    benchmark-ips (2.10.0)
    diff-lcs (1.5.0)
    minitest (5.16.2)
    power_assert (2.0.1)
    rspec (3.11.0)
      rspec-core (~> 3.11.0)
      rspec-expectations (~> 3.11.0)
      rspec-mocks (~> 3.11.0)
    rspec-core (3.11.0)
      rspec-support (~> 3.11.0)
    rspec-expectations (3.11.0)
      diff-lcs (>= 1.2.0, < 2.0)
      rspec-support (~> 3.11.0)
    rspec-mocks (3.11.1)
      diff-lcs (>= 1.2.0, < 2.0)
      rspec-support (~> 3.11.0)
    rspec-support (3.11.0)
    test-unit (3.5.3)
      power_assert

PLATFORMS
  ruby

DEPENDENCIES
  benchmark-ips
  minitest
  rspec
  test-unit

RUBY VERSION
   ruby 2.6.6p146

BUNDLED WITH
   1.17.2
